GEM
  remote: https://rubygems.org/
  specs:
    bson (4.1.1)
    coderay (1.1.0)
    method_source (0.8.2)
    mongo (2.2.5)
      bson (~> 4.0)
    pry (0.10.3)
      coderay (~> 1.1.0)
      method_source (~> 0.8.1)
      slop (~> 3.4)
    slop (3.6.0)

PLATFORMS
  ruby

DEPENDENCIES
  mongo (~> 2.1)
  pry

BUNDLED WITH
   1.11.2
